GEM
  remote: http://rubygems.org/
  specs:
    coderay (0.9.8)
    git (1.2.5)
    jeweler (1.6.2)
      bundler (~> 1.0)
      git (>= 1.2.5)
      rake
    method_source (0.6.0)
      ruby_parser (>= 2.0.5)
    pry (0.9.2)
      coderay (>= 0.9.8)
      method_source (>= 0.6.0)
      ruby_parser (>= 2.0.5)
      slop (~> 1.9.0)
    rake (0.9.2)
    rcov (0.9.9)
    ruby_parser (2.0.6)
      sexp_processor (~> 3.0)
    sexp_processor (3.0.5)
    shoulda (2.11.3)
    slop (1.9.1)

PLATFORMS
  ruby

DEPENDENCIES
  bundler (~> 1.0.0)
  jeweler (~> 1.6.2)
  pry
  rcov
  shoulda
